GEM
  remote: https://rubygems.org/
  specs:
    httparty (0.21.0)
      mini_mime (>= 1.0.0)
      multi_xml (>= 0.5.2)
    json_matchers (0.11.1)
      json_schema
    json_schema (0.21.0)
    mini_mime (1.1.2)
    multi_xml (0.6.0)

PLATFORMS
  x64-mingw-ucrt

DEPENDENCIES
  httparty
  json_matchers

BUNDLED WITH
   2.3.26
